GEM
  remote: http://rubygems.org/
  specs:
    aws (2.5.8)
      http_connection
      http_connection
      uuidtools
      uuidtools
      xml-simple
      xml-simple
    http_connection (1.4.2)
    uuidtools (2.1.3)
    xml-simple (1.1.2)

PLATFORMS
  ruby

DEPENDENCIES
  aws
